GIT
  remote: https://github.com/ddoherty03/rubocop-ddoherty.git
  revision: 6b28e9614f18f94b684179c488acca8ac6cabdc6
  branch: master
  specs:
    rubocop-ddoherty (0.1.2)
      rubocop-performance (~> 1.0)
      rubocop-rake (>= 0.7)
      rubocop-rspec (~> 3.0)
      rubocop-shopify (~> 2.0)

PATH
  remote: .
  specs:
    fat_date (0.1.3)
      activesupport
      fat_core

GEM
  remote: https://rubygems.org/
  specs:
    activesupport (8.0.3)
      base64
      benchmark (>= 0.3)
      bigdecimal
      concurrent-ruby (~> 1.0, >= 1.3.1)
      connection_pool (>= 2.2.5)
      drb
      i18n (>= 1.6, < 2)
      logger (>= 1.4.2)
      minitest (>= 5.1)
      securerandom (>= 0.3)
      tzinfo (~> 2.0, >= 2.0.5)
      uri (>= 0.13.1)
    ast (2.4.3)
    base64 (0.3.0)
    benchmark (0.4.1)
    bigdecimal (3.3.1)
    coderay (1.1.3)
    concurrent-ruby (1.3.5)
    connection_pool (2.5.4)
    damerau-levenshtein (1.3.3)
    date (3.4.1)
    debug (1.11.0)
      irb (~> 1.10)
      reline (>= 0.3.8)
    diff-lcs (1.6.2)
    docile (1.4.1)
    drb (2.2.3)
    erb (5.0.3)
    fat_core (5.6.1)
      activesupport
      damerau-levenshtein
      ostruct
      stringio (>= 3.1.2)
    i18n (1.14.7)
      concurrent-ruby (~> 1.0)
    io-console (0.8.1)
    irb (1.15.2)
      pp (>= 0.6.0)
      rdoc (>= 4.0.0)
      reline (>= 0.4.2)
    json (2.15.1)
    language_server-protocol (3.17.0.5)
    lint_roller (1.1.0)
    logger (1.7.0)
    method_source (1.1.0)
    minitest (5.26.0)
    ostruct (0.6.3)
    parallel (1.27.0)
    parser (3.3.9.0)
      ast (~> 2.4.1)
      racc
    pp (0.6.3)
      prettyprint
    prettyprint (0.2.0)
    prism (1.5.2)
    pry (0.15.2)
      coderay (~> 1.1)
      method_source (~> 1.0)
    pry-doc (1.6.0)
      pry (~> 0.11)
      yard (~> 0.9.11)
    psych (5.2.6)
      date
      stringio
    racc (1.8.1)
    rainbow (3.1.1)
    rake (13.3.0)
    rdoc (6.15.0)
      erb
      psych (>= 4.0.0)
      tsort
    redcarpet (3.6.1)
    regexp_parser (2.11.3)
    reline (0.6.2)
      io-console (~> 0.5)
    rspec (3.13.1)
      rspec-core (~> 3.13.0)
      rspec-expectations (~> 3.13.0)
      rspec-mocks (~> 3.13.0)
    rspec-core (3.13.5)
      rspec-support (~> 3.13.0)
    rspec-expectations (3.13.5)
      diff-lcs (>= 1.2.0, < 2.0)
      rspec-support (~> 3.13.0)
    rspec-mocks (3.13.5)
      diff-lcs (>= 1.2.0, < 2.0)
      rspec-support (~> 3.13.0)
    rspec-support (3.13.6)
    rubocop (1.81.1)
      json (~> 2.3)
      language_server-protocol (~> 3.17.0.2)
      lint_roller (~> 1.1.0)
      parallel (~> 1.10)
      parser (>= 3.3.0.2)
      rainbow (>= 2.2.2, < 4.0)
      regexp_parser (>= 2.9.3, < 3.0)
      rubocop-ast (>= 1.47.1, < 2.0)
      ruby-progressbar (~> 1.7)
      unicode-display_width (>= 2.4.0, < 4.0)
    rubocop-ast (1.47.1)
      parser (>= 3.3.7.2)
      prism (~> 1.4)
    rubocop-performance (1.26.1)
      lint_roller (~> 1.1)
      rubocop (>= 1.75.0, < 2.0)
      rubocop-ast (>= 1.47.1, < 2.0)
    rubocop-rake (0.7.1)
      lint_roller (~> 1.1)
      rubocop (>= 1.72.1)
    rubocop-rspec (3.7.0)
      lint_roller (~> 1.1)
      rubocop (~> 1.72, >= 1.72.1)
    rubocop-shopify (2.17.1)
      rubocop (~> 1.62)
    ruby-progressbar (1.13.0)
    securerandom (0.4.1)
    simplecov (0.22.0)
      docile (~> 1.1)
      simplecov-html (~> 0.11)
      simplecov_json_formatter (~> 0.1)
    simplecov-html (0.13.2)
    simplecov_json_formatter (0.1.4)
    stringio (3.1.7)
    tsort (0.2.0)
    tzinfo (2.0.6)
      concurrent-ruby (~> 1.0)
    unicode-display_width (3.2.0)
      unicode-emoji (~> 4.1)
    unicode-emoji (4.1.0)
    uri (1.0.4)
    yard (0.9.37)

PLATFORMS
  ruby
  x86_64-linux

DEPENDENCIES
  bundler
  debug (>= 1.0.0)
  fat_date!
  irb
  pry
  pry-doc
  rake
  redcarpet
  rspec
  rubocop
  rubocop-ddoherty!
  simplecov

BUNDLED WITH
   2.6.7
